GEM
  remote: http://mirrors.aliyun.com/rubygems/
  specs:
    actioncable (6.1.3)
      actionpack (= 6.1.3)
      activesupport (= 6.1.3)
      nio4r (~> 2.0)
      websocket-driver (>= 0.6.1)
    actionmailbox (6.1.3)
      actionpack (= 6.1.3)
      activejob (= 6.1.3)
      activerecord (= 6.1.3)
      activestorage (= 6.1.3)
      activesupport (= 6.1.3)
      mail (>= 2.7.1)
    actionmailer (6.1.3)
      actionpack (= 6.1.3)
      actionview (= 6.1.3)
      activejob (= 6.1.3)
      activesupport (= 6.1.3)
      mail (~> 2.5, >= 2.5.4)
      rails-dom-testing (~> 2.0)
    actionpack (6.1.3)
      actionview (= 6.1.3)
      activesupport (= 6.1.3)
      rack (~> 2.0, >= 2.0.9)
      rack-test (>= 0.6.3)
      rails-dom-testing (~> 2.0)
      rails-html-sanitizer (~> 1.0, >= 1.2.0)
    actiontext (6.1.3)
      actionpack (= 6.1.3)
      activerecord (= 6.1.3)
      activestorage (= 6.1.3)
      activesupport (= 6.1.3)
      nokogiri (>= 1.8.5)
    actionview (6.1.3)
      activesupport (= 6.1.3)
      builder (~> 3.1)
      erubi (~> 1.4)
      rails-dom-testing (~> 2.0)
      rails-html-sanitizer (~> 1.1, >= 1.2.0)
    activeadmin (2.9.0)
      arbre (~> 1.2, >= 1.2.1)
      formtastic (>= 3.1, < 5.0)
      formtastic_i18n (~> 0.4)
      inherited_resources (~> 1.7)
      jquery-rails (~> 4.2)
      kaminari (~> 1.0, >= 1.2.1)
      railties (>= 5.2, < 6.2)
      ransack (~> 2.1, >= 2.1.1)
    activejob (6.1.3)
      activesupport (= 6.1.3)
      globalid (>= 0.3.6)
    activemodel (6.1.3)
      activesupport (= 6.1.3)
    activemodel-serializers-xml (1.0.2)
      activemodel (> 5.x)
      activesupport (> 5.x)
      builder (~> 3.1)
    activerecord (6.1.3)
      activemodel (= 6.1.3)
      activesupport (= 6.1.3)
    activerecord-import (1.0.8)
      activerecord (>= 3.2)
    activestorage (6.1.3)
      actionpack (= 6.1.3)
      activejob (= 6.1.3)
      activerecord (= 6.1.3)
      activesupport (= 6.1.3)
      marcel (~> 0.3.1)
      mimemagic (~> 0.3.2)
    activesupport (6.1.3)
      concurrent-ruby (~> 1.0, >= 1.0.2)
      i18n (>= 1.6, < 2)
      minitest (>= 5.1)
      tzinfo (~> 2.0)
      zeitwerk (~> 2.3)
    acts-as-taggable-on (7.0.0)
      activerecord (>= 5.0, < 6.2)
    addressable (2.7.0)
      public_suffix (>= 2.0.2, < 5.0)
    ahoy_matey (3.1.0)
      activesupport (>= 5)
      device_detector
      geocoder (>= 1.4.5)
      safely_block (>= 0.2.1)
    arbre (1.4.0)
      activesupport (>= 3.0.0, < 6.2)
      ruby2_keywords (>= 0.0.2, < 1.0)
    archive-zip (0.12.0)
      io-like (~> 0.3.0)
    bcrypt (3.1.16)
    bindex (0.8.1)
    bootsnap (1.7.2)
      msgpack (~> 1.0)
    breadcrumbs_on_rails (4.0.0)
      rails (>= 5.0)
    builder (3.2.4)
    byebug (11.1.3)
    cancancan (3.2.1)
    capybara (3.35.3)
      addressable
      mini_mime (>= 0.1.3)
      nokogiri (~> 1.8)
      rack (>= 1.6.0)
      rack-test (>= 0.6.3)
      regexp_parser (>= 1.5, < 3.0)
      xpath (~> 3.2)
    childprocess (3.0.0)
    chromedriver-helper (2.1.1)
      archive-zip (~> 0.10)
      nokogiri (~> 1.8)
    coderay (1.1.3)
    coffee-rails (5.0.0)
      coffee-script (>= 2.2.0)
      railties (>= 5.2.0)
    coffee-script (2.4.1)
      coffee-script-source
      execjs
    coffee-script-source (1.12.2)
    concurrent-ruby (1.1.8)
    crass (1.0.6)
    device_detector (1.0.5)
    devise (4.7.3)
      bcrypt (~> 3.0)
      orm_adapter (~> 0.1)
      railties (>= 4.1.0)
      responders
      warden (~> 1.2.3)
    devise-i18n (1.9.2)
      devise (>= 4.7.1)
    draper (4.0.1)
      actionpack (>= 5.0)
      activemodel (>= 5.0)
      activemodel-serializers-xml (>= 1.0)
      activesupport (>= 5.0)
      request_store (>= 1.0)
    errbase (0.2.1)
    erubi (1.10.0)
    execjs (2.7.0)
    ffi (1.14.2)
    formtastic (4.0.0)
      actionpack (>= 5.2.0)
    formtastic_i18n (0.6.0)
    geocoder (1.6.5)
    globalid (0.4.2)
      activesupport (>= 4.2.0)
    has_scope (0.8.0)
      actionpack (>= 5.2)
      activesupport (>= 5.2)
    i18n (1.8.9)
      concurrent-ruby (~> 1.0)
    inherited_resources (1.12.0)
      actionpack (>= 5.2, < 6.2)
      has_scope (~> 0.6)
      railties (>= 5.2, < 6.2)
      responders (>= 2, < 4)
    io-like (0.3.1)
    jbuilder (2.11.2)
      activesupport (>= 5.0.0)
    jquery-rails (4.4.0)
      rails-dom-testing (>= 1, < 3)
      railties (>= 4.2.0)
      thor (>= 0.14, < 2.0)
    kaminari (1.2.1)
      activesupport (>= 4.1.0)
      kaminari-actionview (= 1.2.1)
      kaminari-activerecord (= 1.2.1)
      kaminari-core (= 1.2.1)
    kaminari-actionview (1.2.1)
      actionview
      kaminari-core (= 1.2.1)
    kaminari-activerecord (1.2.1)
      activerecord
      kaminari-core (= 1.2.1)
    kaminari-core (1.2.1)
    kaminari-i18n (0.5.0)
      kaminari
      rails
    listen (3.1.5)
      rb-fsevent (~> 0.9, >= 0.9.4)
      rb-inotify (~> 0.9, >= 0.9.7)
      ruby_dep (~> 1.2)
    loofah (2.9.0)
      crass (~> 1.0.2)
      nokogiri (>= 1.5.9)
    mail (2.7.1)
      mini_mime (>= 0.1.1)
    marcel (0.3.3)
      mimemagic (~> 0.3.2)
    meta-tags (2.14.0)
      actionpack (>= 3.2.0, < 6.2)
    method_source (1.0.0)
    mimemagic (0.3.5)
    mini_mime (1.0.2)
    mini_portile2 (2.5.0)
    minitest (5.14.4)
    msgpack (1.4.2)
    nio4r (2.5.5)
    nokogiri (1.11.1)
      mini_portile2 (~> 2.5.0)
      racc (~> 1.4)
    orm_adapter (0.5.0)
    pg (1.2.3)
    pry (0.14.0)
      coderay (~> 1.1)
      method_source (~> 1.0)
    pry-doc (1.1.0)
      pry (~> 0.11)
      yard (~> 0.9.11)
    pry-rails (0.3.9)
      pry (>= 0.10.4)
    public_suffix (4.0.6)
    puma (5.2.1)
      nio4r (~> 2.0)
    pundit (2.1.0)
      activesupport (>= 3.0.0)
    racc (1.5.2)
    rack (2.2.3)
    rack-cors (1.1.1)
      rack (>= 2.0.0)
    rack-mini-profiler (2.3.1)
      rack (>= 1.2.0)
    rack-test (1.1.0)
      rack (>= 1.0, < 3)
    rails (6.1.3)
      actioncable (= 6.1.3)
      actionmailbox (= 6.1.3)
      actionmailer (= 6.1.3)
      actionpack (= 6.1.3)
      actiontext (= 6.1.3)
      actionview (= 6.1.3)
      activejob (= 6.1.3)
      activemodel (= 6.1.3)
      activerecord (= 6.1.3)
      activestorage (= 6.1.3)
      activesupport (= 6.1.3)
      bundler (>= 1.15.0)
      railties (= 6.1.3)
      sprockets-rails (>= 2.0.0)
    rails-dom-testing (2.0.3)
      activesupport (>= 4.2.0)
      nokogiri (>= 1.6)
    rails-html-sanitizer (1.3.0)
      loofah (~> 2.3)
    rails-i18n (6.0.0)
      i18n (>= 0.7, < 2)
      railties (>= 6.0.0, < 7)
    railties (6.1.3)
      actionpack (= 6.1.3)
      activesupport (= 6.1.3)
      method_source
      rake (>= 0.8.7)
      thor (~> 1.0)
    rake (13.0.3)
    ransack (2.4.2)
      activerecord (>= 5.2.4)
      activesupport (>= 5.2.4)
      i18n
    rb-fsevent (0.10.4)
    rb-inotify (0.10.1)
      ffi (~> 1.0)
    regexp_parser (2.1.1)
    request_store (1.5.0)
      rack (>= 1.4)
    responders (3.0.1)
      actionpack (>= 5.0)
      railties (>= 5.0)
    ruby2_keywords (0.0.4)
    ruby_dep (1.5.0)
    rubyzip (2.3.0)
    safely_block (0.3.0)
      errbase (>= 0.1.1)
    sass-rails (6.0.0)
      sassc-rails (~> 2.1, >= 2.1.1)
    sassc (2.4.0)
      ffi (~> 1.9)
    sassc-rails (2.1.2)
      railties (>= 4.0.0)
      sassc (>= 2.0)
      sprockets (> 3.0)
      sprockets-rails
      tilt
    selenium-webdriver (3.142.7)
      childprocess (>= 0.5, < 4.0)
      rubyzip (>= 1.2.2)
    sitemap_generator (6.1.2)
      builder (~> 3.0)
    spring (2.1.1)
    spring-watcher-listen (2.0.1)
      listen (>= 2.7, < 4.0)
      spring (>= 1.2, < 3.0)
    sprockets (4.0.2)
      concurrent-ruby (~> 1.0)
      rack (> 1, < 3)
    sprockets-rails (3.2.2)
      actionpack (>= 4.0)
      activesupport (>= 4.0)
      sprockets (>= 3.0.0)
    sqlite3 (1.4.2)
    thor (1.1.0)
    tilt (2.0.10)
    turbolinks (5.2.1)
      turbolinks-source (~> 5.2)
    turbolinks-source (5.2.0)
    tzinfo (2.0.4)
      concurrent-ruby (~> 1.0)
    uglifier (4.2.0)
      execjs (>= 0.3.0, < 3)
    warden (1.2.9)
      rack (>= 2.0.9)
    web-console (4.1.0)
      actionview (>= 6.0.0)
      activemodel (>= 6.0.0)
      bindex (>= 0.4.0)
      railties (>= 6.0.0)
    websocket-driver (0.7.3)
      websocket-extensions (>= 0.1.0)
    websocket-extensions (0.1.5)
    xpath (3.2.0)
      nokogiri (~> 1.8)
    yard (0.9.26)
    zeitwerk (2.4.2)

PLATFORMS
  ruby

DEPENDENCIES
  activeadmin
  activerecord-import
  acts-as-taggable-on
  ahoy_matey
  bootsnap (>= 1.1.0)
  breadcrumbs_on_rails
  byebug
  cancancan
  capybara (>= 2.15)
  chromedriver-helper
  coffee-rails
  devise
  devise-i18n
  draper
  jbuilder
  kaminari-i18n
  listen (>= 3.0.5, < 3.2)
  meta-tags
  pg
  pry
  pry-doc
  pry-rails
  puma
  pundit
  rack-cors
  rack-mini-profiler
  rails
  rails-i18n
  ransack
  sass-rails
  selenium-webdriver
  sitemap_generator
  spring
  spring-watcher-listen (~> 2.0.0)
  sqlite3
  turbolinks
  tzinfo-data
  uglifier
  web-console (>= 3.3.0)

BUNDLED WITH
   2.1.4
